GEM
  remote: https://rubygems.org/
  specs:
    macaddr (1.6.1)
      systemu (~> 2.5.0)
    puma (2.15.3)
    rack (1.6.4)
    rack-protection (1.5.3)
      rack
    sinatra (1.4.6)
      rack (~> 1.4)
      rack-protection (~> 1.4)
      tilt (>= 1.3, < 3)
    systemu (2.5.2)
    tilt (2.0.2)
    uuid (2.3.7)
      macaddr (~> 1.0)
    yajl-ruby (1.2.1)

PLATFORMS
  ruby

DEPENDENCIES
  puma
  sinatra
  uuid
  yajl-ruby

BUNDLED WITH
   1.11.2
